GEM
  remote: http://rubygems.org/
  specs:
    json (1.6.5)
    mime-types (1.17.2)
    nokogiri (1.5.0)
    rake (0.9.2.2)
    typhoeus (0.3.3)
      mime-types

PLATFORMS
  ruby

DEPENDENCIES
  json
  nokogiri
  rake
  typhoeus
