GEM
  remote: http://rubygems.org/
  specs:
    json (1.6.5)
    mime-types (1.17.2)
    mini_portile2 (2.4.0)
    nokogiri (1.10.4)
      mini_portile2 (~> 2.4.0)
    rake (0.9.2.2)
    typhoeus (0.3.3)
      mime-types

PLATFORMS
  ruby

DEPENDENCIES
  json
  nokogiri
  rake
  typhoeus
